GEM
  remote: https://rubygems.org/
  specs:
    addressable (2.3.8)
    ansi (1.5.0)
    boxen (4.0.0)
      ansi (~> 1.4)
      hiera (~> 3.0)
      highline (~> 1.6.0)
      json_pure (>= 1.7.7, < 2.0)
      librarian-puppet (~> 2.2)
      octokit (~> 2.7, >= 2.7.1)
      puppet (~> 4.0)
    cardboard (3.0.0)
      boxen (~> 4.0)
      puppet-lint
      puppetlabs_spec_helper (~> 0.4)
      rspec-puppet (~> 1.0)
    diff-lcs (1.5.0)
    facter (2.5.7)
    faraday (0.9.2)
      multipart-post (>= 1.2, < 3)
    faraday_middleware (0.14.0)
      faraday (>= 0.7.4, < 1.0)
    fast_gettext (1.1.2)
    gettext (3.2.9)
      locale (>= 2.0.5)
      text (>= 1.3.0)
    gettext-setup (0.34)
      fast_gettext (~> 1.1.0)
      gettext (>= 3.0.2, < 3.3.0)
      locale
    hiera (3.9.0)
    highline (1.6.21)
    json_pure (1.8.6)
    librarian-puppet (2.2.3)
      librarianp (>= 0.6.3)
      puppet_forge (~> 2.1)
      rsync
    librarianp (1.1.1)
      thor (~> 1.0)
    locale (2.1.3)
    minitar (0.9)
    mocha (1.14.0)
    multipart-post (2.1.1)
    octokit (2.7.2)
      sawyer (~> 0.5.2)
    puppet (4.10.12)
      facter (> 2.0, < 4)
      gettext-setup (>= 0.10, < 1)
      hiera (>= 2.0, < 4)
      json_pure (~> 1.8)
      locale (~> 2.1)
    puppet-lint (2.5.2)
    puppet-syntax (2.6.0)
      rake
    puppet_forge (2.3.4)
      faraday (>= 0.9.0, < 0.18.0, != 0.13.1)
      faraday_middleware (>= 0.9.0, < 0.15.0)
      gettext-setup (~> 0.11)
      minitar
      semantic_puppet (~> 1.0)
    puppetlabs_spec_helper (0.10.3)
      mocha
      puppet-lint
      puppet-syntax
      rake
      rspec-puppet
    rake (13.0.6)
    rspec (3.11.0)
      rspec-core (~> 3.11.0)
      rspec-expectations (~> 3.11.0)
      rspec-mocks (~> 3.11.0)
    rspec-core (3.11.0)
      rspec-support (~> 3.11.0)
    rspec-expectations (3.11.0)
      diff-lcs (>= 1.2.0, < 2.0)
      rspec-support (~> 3.11.0)
    rspec-mocks (3.11.1)
      diff-lcs (>= 1.2.0, < 2.0)
      rspec-support (~> 3.11.0)
    rspec-puppet (1.0.1)
      rspec
    rspec-support (3.11.0)
    rsync (1.0.9)
    sawyer (0.5.5)
      addressable (~> 2.3.5)
      faraday (~> 0.8, < 0.10)
    semantic_puppet (1.0.4)
    text (1.3.1)
    thor (1.2.1)

PLATFORMS
  ruby

DEPENDENCIES
  cardboard (~> 3.0, >= 3.0.0)

BUNDLED WITH
   2.1.4
